PATH
  remote: .
  specs:
    streambot (1.0.2.beta2)
      oauth (~> 0.4.5)
      twistream (~> 0.3.0)

GEM
  remote: http://rubygems.org/
  specs:
    addressable (2.2.6)
    diff-lcs (1.1.3)
    oauth (0.4.5)
    rake (0.9.2)
    rdiscount (1.6.8)
    rspec (2.6.0)
      rspec-core (~> 2.6.0)
      rspec-expectations (~> 2.6.0)
      rspec-mocks (~> 2.6.0)
    rspec-core (2.6.4)
    rspec-expectations (2.6.0)
      diff-lcs (~> 1.1.2)
    rspec-mocks (2.6.0)
    twistream (0.3.0)
      yajl-ruby (~> 0.7.8)
    webmock (1.0.0)
      addressable (>= 2.1.1)
    yajl-ruby (0.7.9)
    yard (0.7.2)

PLATFORMS
  ruby

DEPENDENCIES
  bundler
  rake
  rdiscount
  rspec (>= 2.4.0)
  streambot!
  webmock (~> 1.0.0)
  yard (~> 0.7.2)
